GIT
  remote: https://github.com/alexrothenberg/motion-addressbook.git
  revision: 7d34c6957d41ca730f5f2a6a29667fa096c8b227
  specs:
    motion-addressbook (1.6.3)
      bubble-wrap (~> 1.3)

GIT
  remote: https://github.com/clearsightstudio/ProMotion.git
  revision: eff3cc68f2cfc46468296c958c3e92c607338c49
  branch: edge
  specs:
    ProMotion (1.1.0.rc1)
      methadone

GIT
  remote: https://github.com/rubymotion/BubbleWrap
  revision: 2fa01255162b6e38a9b348b7a7ef509989d77167
  specs:
    bubble-wrap (1.4.0)

GEM
  remote: https://rubygems.org/
  specs:
    activesupport (3.2.15)
      i18n (~> 0.6, >= 0.6.4)
      multi_json (~> 1.0)
    awesome_print_motion (0.1.0)
    claide (0.4.0)
    cocoapods (0.28.0)
      activesupport (>= 3.2.15, < 4)
      claide (~> 0.4.0)
      cocoapods-core (= 0.28.0)
      cocoapods-downloader (~> 0.2.0)
      colored (~> 1.2)
      escape (~> 0.0.4)
      json_pure (~> 1.8)
      open4 (~> 1.3)
      xcodeproj (~> 0.14.1)
    cocoapods-core (0.28.0)
      activesupport (>= 3.2.15, < 4)
      fuzzy_match (~> 2.0.4)
      json (~> 1.8)
      nap (~> 0.5)
    cocoapods-downloader (0.2.0)
    colored (1.2)
    escape (0.0.4)
    fuzzy_match (2.0.4)
    i18n (0.6.5)
    json (1.8.1)
    json_pure (1.8.1)
    methadone (1.3.1)
      bundler
    motion-acknowledgements (0.0.2)
    motion-cocoapods (1.4.0)
      cocoapods (>= 0.26.2)
    motion-testflight (1.5)
    multi_json (1.8.2)
    nap (0.5.1)
    open4 (1.3.0)
    rake (10.1.0)
    xcodeproj (0.14.1)
      activesupport (~> 3.0)
      colored (~> 1.2)
      rake

PLATFORMS
  ruby

DEPENDENCIES
  ProMotion!
  awesome_print_motion
  bubble-wrap!
  cocoapods
  motion-acknowledgements
  motion-addressbook!
  motion-cocoapods
  motion-testflight
  rake (>= 0.9.4)
