GIT
  remote: git://github.com/rubymotion/BubbleWrap.git
  revision: e3bffc8a901c8d3831a8585ea9a95e1c0d7ea134
  specs:
    bubble-wrap (1.7.1)
      bubble-wrap-http (= 1.7.1)

GEM
  remote: https://rubygems.org/
  specs:
    ProMotion (2.2.0)
      methadone (~> 1.7)
    activesupport (4.1.8)
      i18n (~> 0.6, >= 0.6.9)
      json (~> 1.7, >= 1.7.7)
      minitest (~> 5.1)
      thread_safe (~> 0.1)
      tzinfo (~> 1.1)
    afmotion (2.1.5)
      motion-cocoapods (>= 1.4.1)
      motion-require (>= 0.1)
    bubble-wrap-http (1.7.1)
    claide (0.7.0)
    cocoapods (0.35.0)
      activesupport (>= 3.2.15)
      claide (~> 0.7.0)
      cocoapods-core (= 0.35.0)
      cocoapods-downloader (~> 0.8.0)
      cocoapods-plugins (~> 0.3.1)
      cocoapods-trunk (~> 0.4.1)
      cocoapods-try (~> 0.4.2)
      colored (~> 1.2)
      escape (~> 0.0.4)
      molinillo (~> 0.1.2)
      nap (~> 0.8)
      open4 (~> 1.3)
      xcodeproj (~> 0.20.2)
    cocoapods-core (0.35.0)
      activesupport (>= 3.2.15)
      fuzzy_match (~> 2.0.4)
      nap (~> 0.8.0)
    cocoapods-downloader (0.8.0)
    cocoapods-plugins (0.3.2)
      nap
    cocoapods-trunk (0.4.1)
      nap (>= 0.8)
      netrc (= 0.7.8)
    cocoapods-try (0.4.2)
    colored (1.2)
    escape (0.0.4)
    fuzzy_match (2.0.4)
    i18n (0.6.11)
    json (1.8.1)
    methadone (1.8.0)
      bundler
    minitest (5.4.3)
    molinillo (0.1.2)
    motion-blitz (1.2.0)
      motion-cocoapods (>= 1.4.0)
    motion-cocoapods (1.7.0)
      cocoapods (>= 0.34)
    motion-require (0.2.0)
    motion-takeoff (0.0.6)
      bubble-wrap (> 1.0.0)
    motion_print (0.0.4)
    nap (0.8.0)
    netrc (0.7.8)
    open4 (1.3.4)
    rake (10.4.2)
    ruby_motion_query (0.9.0)
    sugarcube (2.12.3)
    thread_safe (0.3.4)
    tzinfo (1.2.2)
      thread_safe (~> 0.1)
    xcodeproj (0.20.2)
      activesupport (>= 3)
      colored (~> 1.2)

PLATFORMS
  ruby

DEPENDENCIES
  ProMotion
  afmotion (~> 2.1.0)
  bubble-wrap!
  cocoapods
  motion-blitz
  motion-cocoapods
  motion-takeoff
  motion_print
  rake (>= 0.9.4)
  ruby_motion_query
  sugarcube
