GIT
  remote: git://github.com/hboon/motion-testflight.git
  revision: bb40de7f7c44d246c7c63927a048dd33b0607e68
  branch: takeoff-on-launch-only
  specs:
    motion-testflight (1.5)

GIT
  remote: git://github.com/markrickert/formotion.git
  revision: 3c11dfb0dd57b88c7241c549c068a4102ad66066
  branch: texties
  specs:
    formotion (1.6)
      bubble-wrap (~> 1.4.0)
      motion-require (~> 0.0.3)

GIT
  remote: git://github.com/rubymotion/BubbleWrap.git
  revision: fbeea2808d1b826d96850a719c78160c2141f8c3
  specs:
    bubble-wrap (1.4.0)

GEM
  remote: https://rubygems.org/
  specs:
    activesupport (3.2.16)
      i18n (~> 0.6, >= 0.6.4)
      multi_json (~> 1.0)
    awesome_print_motion (0.1.0)
    claide (0.4.0)
    cocoapods (0.28.0)
      activesupport (>= 3.2.15, < 4)
      claide (~> 0.4.0)
      cocoapods-core (= 0.28.0)
      cocoapods-downloader (~> 0.2.0)
      colored (~> 1.2)
      escape (~> 0.0.4)
      json_pure (~> 1.8)
      open4 (~> 1.3)
      xcodeproj (~> 0.14.1)
    cocoapods-core (0.28.0)
      activesupport (>= 3.2.15, < 4)
      fuzzy_match (~> 2.0.4)
      json (~> 1.8)
      nap (~> 0.5)
    cocoapods-downloader (0.2.0)
    colored (1.2)
    escape (0.0.4)
    fuzzy_match (2.0.4)
    i18n (0.6.9)
    json (1.8.1)
    json_pure (1.8.1)
    motion-cocoapods (1.4.0)
      cocoapods (>= 0.26.2)
    motion-require (0.0.7)
    motion-takeoff (0.0.5)
      bubble-wrap (> 1.0.0)
    multi_json (1.8.2)
    nap (0.6.0)
    open4 (1.3.0)
    rake (10.1.0)
    xcodeproj (0.14.1)
      activesupport (~> 3.0)
      colored (~> 1.2)
      rake

PLATFORMS
  ruby

DEPENDENCIES
  awesome_print_motion
  bubble-wrap!
  cocoapods
  formotion!
  motion-cocoapods
  motion-takeoff
  motion-testflight!
  rake (>= 0.9.4)
