GIT
  remote: git://github.com/clayallsopp/formotion.git
  revision: 98e61c77171c11619c32ab23e6d573d804029066
  branch: master
  specs:
    formotion (1.7)
      bubble-wrap (>= 1.4.0)
      motion-require (>= 0.1.0)

GIT
  remote: git://github.com/rubymotion/BubbleWrap.git
  revision: 55f92007f4fd59eff0c657ddd912feb6fec2eae1
  specs:
    bubble-wrap (1.6.0)
      bubble-wrap-http (= 1.6.0)

GEM
  remote: https://rubygems.org/
  specs:
    activesupport (3.2.18)
      i18n (~> 0.6, >= 0.6.4)
      multi_json (~> 1.0)
    afmotion (2.1.4)
      motion-cocoapods (~> 1.4.0)
      motion-require (>= 0.1)
    awesome_print_motion (0.1.0)
    bubble-wrap-http (1.6.0)
    claide (0.5.0)
    cocoapods (0.32.1)
      activesupport (>= 3.2.15, < 4)
      claide (~> 0.5.0)
      cocoapods-core (= 0.32.1)
      cocoapods-downloader (~> 0.5.0)
      cocoapods-try (~> 0.2.0)
      colored (~> 1.2)
      escape (~> 0.0.4)
      json_pure (~> 1.8)
      nap (~> 0.7)
      open4 (~> 1.3)
      xcodeproj (~> 0.16.1)
    cocoapods-core (0.32.1)
      activesupport (>= 3.2.15, < 4)
      fuzzy_match (~> 2.0.4)
      json_pure (~> 1.8)
      nap (~> 0.5)
    cocoapods-downloader (0.5.0)
    cocoapods-try (0.2.0)
    colored (1.2)
    escape (0.0.4)
    fuzzy_match (2.0.4)
    i18n (0.6.9)
    json_pure (1.8.1)
    motion-blitz (1.0.2)
      motion-cocoapods (>= 1.4.0)
    motion-cocoapods (1.4.2)
      cocoapods (>= 0.32.1)
    motion-require (0.2.0)
    motion-takeoff (0.0.5)
      bubble-wrap (> 1.0.0)
    multi_json (1.10.0)
    nap (0.7.0)
    open4 (1.3.4)
    rake (10.3.2)
    ruby_motion_query (0.5.7)
    xcodeproj (0.16.1)
      activesupport (~> 3.0)
      colored (~> 1.2)

PLATFORMS
  ruby

DEPENDENCIES
  afmotion (~> 2.1.0)
  awesome_print_motion
  bubble-wrap!
  cocoapods
  formotion!
  motion-blitz
  motion-cocoapods
  motion-takeoff
  rake (>= 0.9.4)
  ruby_motion_query
